GEM
  remote: https://www.rubygems.org/
  specs:
    sqlite3 (1.4.1)
    thor (0.20.3)

PLATFORMS
  ruby

DEPENDENCIES
  sqlite3
  thor

BUNDLED WITH
   1.17.2
